GEM
  remote: http://rubygems.org/
  specs:
    abstract (1.0.0)
    addressable (2.2.4)
    diff-lcs (1.1.2)
    dydra (0.0.4)
      rdf (~> 0.3.0)
      rest-client (>= 1.6.1)
      sparql-client (>= 0.0.9)
    erubis (2.6.6)
      abstract (>= 1.0.0)
    ffi (1.0.5)
      rake (>= 0.8.7)
    json_pure (1.5.1)
    macaddr (1.0.0)
    mime-types (1.16)
    promise (0.3.0)
    proxies (0.2.1)
    rake (0.8.7)
    rdf (0.3.1)
      addressable (>= 2.2)
    rdf-isomorphic (0.3.4)
      rdf (>= 0.2.3)
    rdf-json (0.3.0)
      json_pure (>= 1.4.2)
      rdf (~> 0.3.0)
    rdf-n3 (0.3.1)
      rdf (>= 0.3.0)
    rdf-raptor (0.4.1)
      ffi (>= 1.0)
      rdf (~> 0.3.0)
    rest-client (1.6.1)
      mime-types (>= 1.16)
    rspec (2.5.0)
      rspec-core (~> 2.5.0)
      rspec-expectations (~> 2.5.0)
      rspec-mocks (~> 2.5.0)
    rspec-core (2.5.1)
    rspec-expectations (2.5.0)
      diff-lcs (~> 1.1.2)
    rspec-mocks (2.5.0)
    s3 (0.3.7)
      proxies
    sparql-client (0.0.9)
      json_pure (>= 1.4.2)
      rdf (~> 0.3.0)
    spira (0.0.12)
      promise (>= 0.3.0)
      rdf (>= 0.2.3)
      rdf-isomorphic (>= 0.3.0)
    syntax (1.0.0)
    uuid (2.3.1)
      macaddr (~> 1.0)

PLATFORMS
  ruby

DEPENDENCIES
  dydra (>= 0.0.1)
  erubis
  rdf (>= 0.3.0)
  rdf-isomorphic
  rdf-json
  rdf-n3
  rdf-raptor
  rspec
  s3
  sparql-client (>= 0.0.9)
  spira
  syntax
  uuid
