GIT
  remote: git://github.com/bendiken/rdf-raptor.git
  revision: 8ac7c7e74fb64911b973784ac11188556debfe01
  specs:
    rdf-raptor (0.4.1)
      ffi (>= 1.0)
      rdf (~> 0.3.0)

GIT
  remote: git://github.com/bendiken/rdf.git
  revision: af21d4d9d01d009db67a677507705c6f8d49369c
  specs:
    rdf (0.3.1)
      addressable (>= 2.2)

GIT
  remote: git://github.com/bendiken/sparql-client.git
  revision: 71da0648cfc5d0d8d95f0e96b6979cdb1f50cdf8
  specs:
    sparql-client (0.0.8)
      json_pure (>= 1.4.2)
      rdf (~> 0.3.0)

GIT
  remote: git://github.com/gkellogg/rdf-n3.git
  revision: ac7d0bd9f244d13e4a310caa236bbc2c92ad491b
  specs:
    rdf-n3 (0.3.0)
      rdf (>= 0.3.0)

GIT
  remote: git@datagraph.unfuddle.com:datagraph/datagraph-client.git
  revision: 242152fba93fce133043d5e292cb89501a1d6a12
  specs:
    dydra (0.0.0)
      rdf (~> 0.3.0)

GEM
  remote: http://rubygems.org/
  specs:
    abstract (1.0.0)
    addressable (2.2.3)
    diff-lcs (1.1.2)
    erubis (2.6.6)
      abstract (>= 1.0.0)
    ffi (1.0.5)
      rake (>= 0.8.7)
    json_pure (1.4.6)
    macaddr (1.0.0)
    promise (0.3.0)
    proxies (0.2.1)
    rake (0.8.7)
    rdf-isomorphic (0.3.4)
      rdf (>= 0.2.3)
    rdf-json (0.3.0)
      json_pure (>= 1.4.2)
      rdf (~> 0.3.0)
    rspec (2.4.0)
      rspec-core (~> 2.4.0)
      rspec-expectations (~> 2.4.0)
      rspec-mocks (~> 2.4.0)
    rspec-core (2.4.0)
    rspec-expectations (2.4.0)
      diff-lcs (~> 1.1.2)
    rspec-mocks (2.4.0)
    s3 (0.3.7)
      proxies
    spira (0.0.11)
      promise (>= 0.3.0)
      rdf (>= 0.2.3)
      rdf-isomorphic (>= 0.3.0)
    syntax (1.0.0)
    uuid (2.3.1)
      macaddr (~> 1.0)

PLATFORMS
  ruby

DEPENDENCIES
  dydra!
  erubis
  rdf!
  rdf-isomorphic
  rdf-json
  rdf-n3!
  rdf-raptor!
  rspec
  s3
  sparql-client!
  spira
  syntax
  uuid
