GIT
  remote: git@github.com:/dydra/dydra.git
  revision: ec2ff2a4ce350f2bb9bfc8f8b035b5c1d4ad4e07
  specs:
    dydra (0.0.9)
      rdf (>= 0.3.0)
      rest-client (>= 1.6.1)
      sparql-client (>= 0.0.9)

GEM
  remote: http://rubygems.org/
  specs:
    addressable (2.2.4)
    diff-lcs (1.1.2)
    erubis (2.7.0)
    ffi (1.0.9)
    json_pure (1.5.3)
    macaddr (1.0.0)
    mime-types (1.16)
    promise (0.3.0)
    proxies (0.2.1)
    rdf (0.3.3)
      addressable (= 2.2.4)
    rdf-isomorphic (0.3.4)
      rdf (>= 0.2.3)
    rdf-json (0.3.0)
      json_pure (>= 1.4.2)
      rdf (~> 0.3.0)
    rdf-n3 (0.3.3.1)
      rdf (>= 0.3.3)
    rdf-raptor (0.4.1)
      ffi (>= 1.0)
      rdf (~> 0.3.0)
    rest-client (1.6.3)
      mime-types (>= 1.16)
    rspec (2.6.0)
      rspec-core (~> 2.6.0)
      rspec-expectations (~> 2.6.0)
      rspec-mocks (~> 2.6.0)
    rspec-core (2.6.4)
    rspec-expectations (2.6.0)
      diff-lcs (~> 1.1.2)
    rspec-mocks (2.6.0)
    s3 (0.3.8)
      proxies (~> 0.2.0)
    sparql-client (0.0.9)
      json_pure (>= 1.4.2)
      rdf (~> 0.3.0)
    spira (0.0.12)
      promise (>= 0.3.0)
      rdf (>= 0.2.3)
      rdf-isomorphic (>= 0.3.0)
    syntax (1.0.0)
    uuid (2.3.2)
      macaddr (~> 1.0)

PLATFORMS
  ruby

DEPENDENCIES
  addressable (= 2.2.4)
  dydra!
  erubis (= 2.7.0)
  rdf (= 0.3.3)
  rdf-isomorphic (= 0.3.4)
  rdf-json (= 0.3.0)
  rdf-n3 (= 0.3.3.1)
  rdf-raptor (= 0.4.1)
  rspec (= 2.6.0)
  s3 (= 0.3.8)
  sparql-client (= 0.0.9)
  spira (= 0.0.12)
  syntax (= 1.0.0)
  uuid (= 2.3.2)
