GIT
  remote: git://github.com/bendiken/rdf-raptor.git
  revision: 31ed166716f5ab3a2814d34870a6f8e9fa394f18
  specs:
    rdf-raptor (0.4.0)
      ffi (>= 1.0)
      rdf (= 0.3.0.pre)

GIT
  remote: git://github.com/bendiken/rdf.git
  revision: 0bf61f4e8e34db9b3b733a63631b6d833b91f50a
  specs:
    rdf (0.3.0.pre)
      addressable (>= 2.2)

GIT
  remote: git://github.com/bendiken/sparql-client.git
  revision: d9434587eca9504f0510ce872d345de8fc22cd7d
  specs:
    sparql-client (0.0.7)
      json_pure (>= 1.4.2)
      rdf (= 0.3.0.pre)

GIT
  remote: git://github.com/bhuga/datagraph.git
  revision: 31053d9b7edfd757f0033e775d85946b8d4b60c5
  branch: xmlrpc-utf8-fix
  specs:
    datagraph (0.0.7)
      rdf (>= 0.2.3)

GIT
  remote: git://github.com/bhuga/rspec-core
  revision: 14eece47c901f2ef67b3b92aa879d58f9e18398b
  branch: context-nesting
  specs:
    rspec-core (2.3.0.pre)

GIT
  remote: git://github.com/gkellogg/rdf-n3.git
  revision: 231437501e5ab607c211adcf6cc58bbb754dfabe
  specs:
    rdf-n3 (0.3.0.pre)
      rdf (= 0.3.0.pre)

GEM
  remote: http://rubygems.org/
  specs:
    abstract (1.0.0)
    addressable (2.2.2)
    diff-lcs (1.1.2)
    erubis (2.6.6)
      abstract (>= 1.0.0)
    ffi (1.0.2)
      rake (>= 0.8.7)
    json_pure (1.4.6)
    macaddr (1.0.0)
    promise (0.3.0)
    proxies (0.2.1)
    rake (0.8.7)
    rdf-isomorphic (0.3.1)
      rdf (>= 0.2.4)
    rdf-json (0.1.0)
      json_pure (>= 1.2.3)
      rdf (>= 0.1.0)
    rspec (2.3.0)
      rspec-core (~> 2.3.0)
      rspec-expectations (~> 2.3.0)
      rspec-mocks (~> 2.3.0)
    rspec-expectations (2.3.0)
      diff-lcs (~> 1.1.2)
    rspec-mocks (2.3.0)
    s3 (0.3.7)
      proxies
    spira (0.0.11)
      promise (>= 0.3.0)
      rdf (>= 0.2.3)
      rdf-isomorphic (>= 0.3.0)
    syntax (1.0.0)
    uuid (2.3.1)
      macaddr (~> 1.0)

PLATFORMS
  ruby

DEPENDENCIES
  datagraph!
  erubis
  rdf!
  rdf-isomorphic
  rdf-json
  rdf-n3!
  rdf-raptor!
  rspec
  rspec-core!
  s3
  sparql-client!
  spira
  syntax
  uuid
